GIT
  remote: git@github.com:rorcraft/capybara.git
  revision: d34c2bf10ad18ca4d432534c0664737b1c2fbd91
  specs:
    capybara (0.4.0)
      celerity (>= 0.7.9)
      culerity (>= 0.2.4)
      mime-types (>= 1.16)
      nokogiri (>= 1.3.3)
      rack (>= 1.0.0)
      rack-test (>= 0.5.4)
      selenium-webdriver (>= 0.0.27)
      xpath (~> 0.1.2)

PATH
  remote: .
  specs:
    capybara-mechanize (0.2.3)
      mechanize (= 1.0.0)

GEM
  remote: http://rubygems.org/
  specs:
    celerity (0.8.2)
    childprocess (0.1.3)
      ffi (~> 0.6.3)
    culerity (0.2.12)
    ffi (0.6.3)
      rake (>= 0.8.7)
    gemcutter (0.6.1)
    git (1.2.5)
    jeweler (1.4.0)
      gemcutter (>= 0.1.0)
      git (>= 1.2.5)
      rubyforge (>= 2.0.0)
    json_pure (1.4.6)
    mechanize (1.0.0)
      nokogiri (>= 1.2.1)
    mime-types (1.16)
    nokogiri (1.4.3.1)
    rack (1.2.0)
    rack-test (0.5.6)
      rack (>= 1.0)
    rake (0.8.7)
    rspec (1.3.0)
    rubyforge (2.0.4)
      json_pure (>= 1.1.7)
    rubyzip (0.9.4)
    selenium-webdriver (0.0.29)
      childprocess (>= 0.0.7)
      ffi (~> 0.6.3)
      json_pure
      rubyzip
    sinatra (1.0)
      rack (>= 1.0)
    xpath (0.1.2)
      nokogiri (~> 1.3)

PLATFORMS
  ruby

DEPENDENCIES
  capybara!
  capybara-mechanize!
  jeweler
  mechanize (= 1.0.0)
  rspec (= 1.3.0)
  sinatra
