PATH
  remote: .
  specs:
    capybara-mechanize (0.2.3)
      capybara (= 0.3.9)
      mechanize (= 1.0.0)

GEM
  remote: http://rubygems.org/
  specs:
    capybara (0.3.9)
      culerity (>= 0.2.4)
      mime-types (>= 1.16)
      nokogiri (>= 1.3.3)
      rack (>= 1.0.0)
      rack-test (>= 0.5.4)
      selenium-webdriver (>= 0.0.3)
    culerity (0.2.10)
    ffi (0.6.3)
      rake (>= 0.8.7)
    gemcutter (0.6.1)
    git (1.2.5)
    jeweler (1.4.0)
      gemcutter (>= 0.1.0)
      git (>= 1.2.5)
      rubyforge (>= 2.0.0)
    json_pure (1.4.6)
    mechanize (1.0.0)
      nokogiri (>= 1.2.1)
    mime-types (1.16)
    nokogiri (1.4.3.1)
    rack (1.2.0)
    rack-test (0.5.4)
      rack (>= 1.0)
    rake (0.8.7)
    rspec (1.3.0)
    rubyforge (2.0.4)
      json_pure (>= 1.1.7)
    rubyzip (0.9.4)
    selenium-webdriver (0.0.27)
      ffi (>= 0.6.1)
      json_pure
      rubyzip
    sinatra (1.0)
      rack (>= 1.0)

PLATFORMS
  ruby

DEPENDENCIES
  capybara (~> 0.3.9)!
  capybara-mechanize!
  jeweler
  mechanize (= 1.0.0)
  rspec (= 1.3.0)
  sinatra
